GIT
  remote: git://github.com/iloveitaly/ruport.git
  revision: d4418493b8347b1386ac036494cb60b7f08de6be
  specs:
    ruport (1.7.0)
      pdf-writer (= 1.1.8)

GEM
  specs:
    color (1.4.1)
    pdf-writer (1.1.8)
      color (>= 1.4.0)
      transaction-simple (~> 1.3)
    transaction-simple (1.4.0.2)

PLATFORMS
  ruby

DEPENDENCIES
  ruport!
